GEM
  remote: https://rubygems.org/
  specs:
    ansi (1.5.0)
    backports (3.8.0)
    builder (3.2.3)
    byebug (9.1.0)
    daemons (1.2.4)
    eventmachine (1.2.5)
    minitest (5.10.3)
    minitest-focus (1.1.2)
      minitest (>= 4, < 6)
    minitest-reporters (1.1.17)
      ansi
      builder
      minitest (>= 5.0)
      ruby-progressbar
    multi_json (1.12.1)
    puma (3.8.2)
    rack (1.6.5)
    rack-protection (1.5.3)
      rack
    rack-test (0.7.0)
      rack (>= 1.0, < 3)
    rake (12.0.0)
    ruby-progressbar (1.8.1)
    sinatra (1.4.8)
      rack (~> 1.5)
      rack-protection (~> 1.4)
      tilt (>= 1.3, < 3)
    sinatra-contrib (1.4.7)
      backports (>= 2.0)
      multi_json
      rack-protection
      rack-test
      sinatra (~> 1.4.0)
      tilt (>= 1.3, < 3)
    sinatra-cross_origin (0.3.2)
    thin (1.7.2)
      daemons (~> 1.0, >= 1.0.9)
      eventmachine (~> 1.0, >= 1.0.4)
      rack (>= 1, < 3)
    tilt (2.0.7)

PLATFORMS
  ruby

DEPENDENCIES
  byebug
  minitest
  minitest-focus
  minitest-reporters
  puma
  rake
  sinatra
  sinatra-contrib
  sinatra-cross_origin (~> 0.3.1)
  thin

RUBY VERSION
   ruby 2.4.1p111

BUNDLED WITH
   1.15.4
